GEM
  remote: https://rubygems.org/
  specs:
    bigdecimal (1.3.0)

PLATFORMS
  ruby

DEPENDENCIES
  bigdecimal

BUNDLED WITH
   2.1.4
